GIT
  remote: git://github.com/travis-ci/travis-exceptions.git
  revision: 884b6a2b9c21ca09e7be5f85fb27b6e9aa7711e4
  specs:
    travis-exceptions (0.0.2)
      sentry-raven

GIT
  remote: git://github.com/travis-ci/travis-instrumentation.git
  revision: b068fa1b54752a829ceb35532bf5dda85d947f01
  specs:
    travis-instrumentation (0.0.1)
      activesupport (~> 4)
      travis-metrics (~> 0)

GIT
  remote: git://github.com/travis-ci/travis-lock.git
  revision: 8aadc4cd7a1c8d89788dfc096507ee96a71fceb6
  specs:
    travis-lock (0.1.0)

GIT
  remote: git://github.com/travis-ci/travis-logger.git
  revision: 765046a4746617a70395fe2200e8a91dc416f1b3
  specs:
    travis-logger (0.0.1)

GIT
  remote: git://github.com/travis-ci/travis-metrics.git
  revision: 37eac93bd1e9bd949a9842f28154c335ebeda42a
  specs:
    travis-metrics (0.0.1)
      metriks-librato_metrics (~> 1.0)

GIT
  remote: git://github.com/travis-ci/travis-migrations.git
  revision: 7d9696ab7d2481d75ed85be268de8050a51363d2
  specs:
    travis-migrations (0.0.2)

GIT
  remote: git://github.com/travis-ci/unlimited-jce-policy-jdk7.git
  revision: 16230176b2b85f7c569550ce3544b273d77616ee
  specs:

GEM
  remote: https://rubygems.org/
  specs:
    activemodel (4.2.7.1)
      activesupport (= 4.2.7.1)
      builder (~> 3.1)
    activerecord (4.2.7.1)
      activemodel (= 4.2.7.1)
      activesupport (= 4.2.7.1)
      arel (~> 6.0)
    activesupport (4.2.7.1)
      i18n (~> 0.7)
      json (~> 1.7, >= 1.7.7)
      minitest (~> 5.1)
      thread_safe (~> 0.3, >= 0.3.4)
      tzinfo (~> 1.1)
    addressable (2.4.0)
    amq-protocol (2.0.1)
    arel (6.0.3)
    atomic (1.1.99)
    avl_tree (1.2.1)
      atomic (~> 1.1)
    backports (3.6.8)
    builder (3.2.2)
    bunny (2.5.1)
      amq-protocol (>= 2.0.1)
    coder (0.4.0)
    concurrent-ruby (1.0.2)
    connection_pool (2.2.0)
    dalli (2.7.6)
    database_cleaner (1.5.3)
    diff-lcs (1.2.5)
    factory_girl (4.7.0)
      activesupport (>= 3.0.0)
    faraday (0.9.2)
      multipart-post (>= 1.2, < 3)
    gh (0.14.0)
      addressable
      backports
      faraday (~> 0.8)
      multi_json (~> 1.0)
      net-http-persistent (>= 2.7)
      net-http-pipeline
    hashr (2.0.0)
    hitimes (1.2.4)
    i18n (0.7.0)
    jemalloc (1.0.1)
    json (1.8.3)
    metaclass (0.0.4)
    metriks (0.9.9.7)
      atomic (~> 1.0)
      avl_tree (~> 1.2.0)
      hitimes (~> 1.1)
    metriks-librato_metrics (1.0.5)
      metriks (>= 0.9.9.6)
    minitest (5.9.0)
    mocha (1.1.0)
      metaclass (~> 0.0.1)
    multi_json (1.12.1)
    multipart-post (2.0.0)
    net-http-persistent (2.9.4)
    net-http-pipeline (1.0.1)
    pg (0.18.4)
    rack (1.6.4)
    rack-protection (1.5.3)
      rack
    rake (11.2.2)
    redis (3.3.1)
    redlock (0.1.8)
      redis (~> 3, >= 3.0.0)
    rspec (3.5.0)
      rspec-core (~> 3.5.0)
      rspec-expectations (~> 3.5.0)
      rspec-mocks (~> 3.5.0)
    rspec-core (3.5.2)
      rspec-support (~> 3.5.0)
    rspec-expectations (3.5.0)
      diff-lcs (>= 1.2.0, < 2.0)
      rspec-support (~> 3.5.0)
    rspec-mocks (3.5.0)
      diff-lcs (>= 1.2.0, < 2.0)
      rspec-support (~> 3.5.0)
    rspec-support (3.5.0)
    sentry-raven (1.2.2)
      faraday (>= 0.7.6, < 0.10.x)
    sidekiq (4.1.4)
      concurrent-ruby (~> 1.0)
      connection_pool (~> 2.2, >= 2.2.0)
      redis (~> 3.2, >= 3.2.1)
      sinatra (>= 1.4.7)
    simple_states (2.0.1)
    sinatra (1.4.7)
      rack (~> 1.5)
      rack-protection (~> 1.4)
      tilt (>= 1.3, < 3)
    thread_safe (0.3.5)
    tilt (2.0.5)
    travis-config (1.0.12)
      hashr (~> 2.0.0)
    travis-encrypt (0.0.1)
    tzinfo (1.2.2)
      thread_safe (~> 0.1)

PLATFORMS
  ruby

DEPENDENCIES
  activerecord
  activerecord-jdbcpostgresql-adapter
  bunny
  coder
  dalli
  database_cleaner
  factory_girl
  gh
  jemalloc
  jruby-openssl
  march_hare
  metriks-librato_metrics
  mocha
  multi_json
  pg
  rake
  redis
  redlock
  rspec
  sentry-raven
  sidekiq
  simple_states
  travis-config (~> 1.0.6)
  travis-encrypt
  travis-exceptions!
  travis-instrumentation!
  travis-lock!
  travis-logger!
  travis-metrics!
  travis-migrations!
  unlimited-jce-policy-jdk7!

BUNDLED WITH
   1.12.4
